GEM
  remote: https://rubygems.org/
  specs:
    mustache (0.99.4)
    puma (2.13.4)
    rack (1.2.2)
    sinatra (1.2.6)
      rack (~> 1.1)
      tilt (>= 1.2.2, < 2.0)
    tilt (1.3)

PLATFORMS
  ruby

DEPENDENCIES
  mustache
  puma
  sinatra

BUNDLED WITH
   1.10.3
