GEM
  remote: https://rubygems.org/
  specs:
    backports (3.6.8)
    multi_json (1.12.1)
    puma (3.6.2)
    rack (1.6.5)
    rack-protection (1.5.3)
      rack
    rack-test (0.6.3)
      rack (>= 1.0)
    sinatra (1.4.7)
      rack (~> 1.5)
      rack-protection (~> 1.4)
      tilt (>= 1.3, < 3)
    sinatra-contrib (1.4.7)
      backports (>= 2.0)
      multi_json
      rack-protection
      rack-test
      sinatra (~> 1.4.0)
      tilt (>= 1.3, < 3)
    sinatra-support (1.2.2)
      sinatra (>= 1.0)
    tilt (2.0.5)

PLATFORMS
  ruby

DEPENDENCIES
  puma
  sinatra
  sinatra-contrib
  sinatra-support

RUBY VERSION
   ruby 2.2.2p95

BUNDLED WITH
   1.13.1
