GEM
  remote: https://rubygems.org/
  specs:
    backports (3.10.3)
    multi_json (1.12.2)
    mustermann (1.0.1)
    pg (0.21.0)
    puma (3.10.0)
    rack (2.0.3)
    rack-protection (2.0.0)
      rack
    sequel (5.2.0)
    sinatra (2.0.0)
      mustermann (~> 1.0)
      rack (~> 2.0)
      rack-protection (= 2.0.0)
      tilt (~> 2.0)
    sinatra-contrib (2.0.0)
      backports (>= 2.0)
      multi_json
      mustermann (~> 1.0)
      rack-protection (= 2.0.0)
      sinatra (= 2.0.0)
      tilt (>= 1.3, < 3)
    sinatra-support (1.2.2)
      sinatra (>= 1.0)
    tilt (2.0.8)

PLATFORMS
  ruby

DEPENDENCIES
  pg
  puma
  sequel
  sinatra
  sinatra-contrib
  sinatra-support

RUBY VERSION
   ruby 2.4.2p198

BUNDLED WITH
   1.16.0
