GEM
  remote: https://rubygems.org/
  specs:
    concurrent-ruby (1.2.2)
    connection_pool (2.4.0)
    httparty (0.21.0)
      mini_mime (>= 1.0.0)
      multi_xml (>= 0.5.2)
    mini_mime (1.1.2)
    mini_portile2 (2.8.2)
    multi_json (1.15.0)
    multi_xml (0.6.0)
    mustermann (3.0.0)
      ruby2_keywords (~> 0.0.1)
    nio4r (2.5.9)
    nokogiri (1.15.0)
      mini_portile2 (~> 2.8.2)
      racc (~> 1.4)
    pg (1.5.3)
    puma (6.2.2)
      nio4r (~> 2.0)
    racc (1.6.2)
    rack (2.2.7)
    rack-protection (3.0.6)
      rack
    rack-ssl-enforcer (0.2.9)
    rake (13.0.6)
    redis (5.0.6)
      redis-client (>= 0.9.0)
    redis-client (0.14.1)
      connection_pool
    ruby2_keywords (0.0.5)
    sequel (5.68.0)
    sidekiq (7.1.0)
      concurrent-ruby (< 2)
      connection_pool (>= 2.3.0)
      rack (>= 2.2.4)
      redis-client (>= 0.14.0)
    sinatra (3.0.6)
      mustermann (~> 3.0)
      rack (~> 2.2, >= 2.2.4)
      rack-protection (= 3.0.6)
      tilt (~> 2.0)
    sinatra-contrib (3.0.6)
      multi_json
      mustermann (~> 3.0)
      rack-protection (= 3.0.6)
      sinatra (= 3.0.6)
      tilt (~> 2.0)
    sinatra-support (1.2.2)
      sinatra (>= 1.0)
    tilt (2.1.0)

PLATFORMS
  ruby

DEPENDENCIES
  httparty
  nokogiri
  pg
  puma
  rack-ssl-enforcer
  rake
  redis
  sequel
  sidekiq
  sinatra
  sinatra-contrib
  sinatra-support

RUBY VERSION
   ruby 2.7.5p203

BUNDLED WITH
   1.17.2
